GEM
  remote: https://rubygems.org/
  specs:
    addressable (2.2.8)
    git (1.2.5)
    jeweler (1.8.3)
      bundler (~> 1.0)
      git (>= 1.2.5)
      rake
      rdoc
    json (1.7.0)
    mime-types (1.18)
    netrc (0.7.1)
    rake (0.9.2.2)
    rdoc (3.12)
      json (~> 1.4)
    rspec (1.3.2)
    webmock (0.9.1)
      addressable (>= 2.1.1)

PLATFORMS
  ruby

DEPENDENCIES
  jeweler (~> 1.8.3)
  mime-types (~> 1.18)
  netrc (~> 0.7.1)
  rake (~> 0.9.2.2)
  rspec (~> 1.3.2)
  webmock (~> 0.9.1)
