PATH
  remote: .
  specs:
    rest-client (1.6.7)
      mime-types (>= 1.16)
      net-http-persistent
      netrc (~> 0.7.7)

GEM
  remote: https://rubygems.org/
  specs:
    addressable (2.3.3)
    crack (0.3.2)
    diff-lcs (1.2.1)
    mime-types (1.21)
    net-http-persistent (2.8)
    netrc (0.7.7)
    rake (10.0.3)
    rspec (2.13.0)
      rspec-core (~> 2.13.0)
      rspec-expectations (~> 2.13.0)
      rspec-mocks (~> 2.13.0)
    rspec-core (2.13.1)
    rspec-expectations (2.13.0)
      diff-lcs (>= 1.1.3, < 2.0)
    rspec-mocks (2.13.0)
    webmock (1.11.0)
      addressable (>= 2.2.7)
      crack (>= 0.3.2)

PLATFORMS
  ruby

DEPENDENCIES
  rake
  rest-client!
  rspec (>= 2.0)
  webmock (>= 0.9.1)
